GIT
  remote: git://github.com/imathis/guard-jekyll-plus.git
  revision: 26e1426fb0972613d80dd5f0acf38ffcc1046a2c
  specs:
    guard-jekyll-plus (2.0.2)
      guard (~> 2.10, >= 2.10.3)
      guard-compat (~> 1.1)
      jekyll (>= 1.0.0)

GIT
  remote: git://github.com/jekyll/jekyll-assets.git
  revision: 169aa600e989f510dcb4ed39b3a5f3eb6a0dcafa
  specs:
    jekyll-assets (2.2.8)
      concurrent-ruby (~> 1.0)
      extras (~> 0.1)
      fastimage (~> 2.0, >= 1.8)
      jekyll (~> 3.1, >= 3.0)
      pathutil (>= 0.8)
      rack (> 1, < 2)
      sprockets (~> 3.3, < 3.7)

GIT
  remote: git://github.com/jekyll/jekyll-sitemap.git
  revision: 056609988dbd9a3325e9226a0afbc35d90bb9146
  specs:
    jekyll-sitemap (0.12.0)
      jekyll (~> 3.3)

GIT
  remote: https://github.com/anarchivist/octopress-video-tag
  revision: 7452399be9e164914fdd1e2facaf91a769b6fc23
  branch: loosen-gemspec
  specs:
    octopress-video-tag (1.1.1)
      jekyll (>= 2.0)

GEM
  remote: https://rubygems.org/
  specs:
    activesupport (4.2.7.1)
      i18n (~> 0.7)
      json (~> 1.7, >= 1.7.7)
      minitest (~> 5.1)
      thread_safe (~> 0.3, >= 0.3.4)
      tzinfo (~> 1.1)
    addressable (2.5.0)
      public_suffix (~> 2.0, >= 2.0.2)
    autoprefixer-rails (6.5.4)
      execjs
    babel-source (5.8.35)
    babel-transpiler (0.7.0)
      babel-source (>= 4.0, < 6)
      execjs (~> 2.0)
    coderay (1.1.1)
    colorator (1.1.0)
    concurrent-ruby (1.0.2)
    dotenv (2.1.1)
    em-websocket (0.5.1)
      eventmachine (>= 0.12.9)
      http_parser.rb (~> 0.6.0)
    eventmachine (1.2.1)
    execjs (2.7.0)
    extras (0.1.0)
      forwardable-extended (~> 2.5)
    faraday (0.10.0)
      multipart-post (>= 1.2, < 3)
    fastimage (2.0.1)
      addressable (~> 2)
    ffi (1.9.14)
    formatador (0.2.5)
    forwardable-extended (2.6.0)
    gemoji (2.1.0)
    gsl (2.1.0.1)
    guard (2.14.0)
      formatador (>= 0.2.4)
      listen (>= 2.7, < 4.0)
      lumberjack (~> 1.0)
      nenv (~> 0.1)
      notiffany (~> 0.0)
      pry (>= 0.9.12)
      shellany (~> 0.0)
      thor (>= 0.18.1)
    guard-bundler (2.1.0)
      bundler (~> 1.0)
      guard (~> 2.2)
      guard-compat (~> 1.1)
    guard-compat (1.2.1)
    guard-livereload (2.5.2)
      em-websocket (~> 0.5)
      guard (~> 2.8)
      guard-compat (~> 1.0)
      multi_json (~> 1.8)
    guard-npm (1.1.0)
      guard (>= 2.0)
    guard-rack (2.2.0)
      ffi
      guard (~> 2.3)
      spoon
    haml (4.0.7)
      tilt
    html-pipeline (2.4.2)
      activesupport (>= 2)
      nokogiri (>= 1.4)
    http_parser.rb (0.6.0)
    i18n (0.7.0)
    jekyll (3.3.1)
      addressable (~> 2.4)
      colorator (~> 1.0)
      jekyll-sass-converter (~> 1.0)
      jekyll-watch (~> 1.1)
      kramdown (~> 1.3)
      liquid (~> 3.0)
      mercenary (~> 0.3.3)
      pathutil (~> 0.9)
      rouge (~> 1.7)
      safe_yaml (~> 1.0)
    jekyll-gist (1.4.0)
      octokit (~> 4.2)
    jekyll-sass-converter (1.5.0)
      sass (~> 3.4)
    jekyll-tagging (1.0.1)
      ruby-nuggets
    jekyll-tagging-related_posts (0.2.1)
      jekyll (~> 3.0)
      jekyll-tagging (~> 1.0.0)
    jekyll-twitter-plugin (2.0.0)
    jekyll-watch (1.5.0)
      listen (~> 3.0, < 3.1)
    jemoji (0.7.0)
      activesupport (~> 4.0)
      gemoji (~> 2.0)
      html-pipeline (~> 2.2)
      jekyll (>= 3.0)
    json (1.8.3)
    kramdown (1.13.1)
    liquid (3.0.6)
    listen (3.0.8)
      rb-fsevent (~> 0.9, >= 0.9.4)
      rb-inotify (~> 0.9, >= 0.9.7)
    lumberjack (1.0.10)
    mercenary (0.3.6)
    method_source (0.8.2)
    mina (1.0.3)
      open4 (~> 1.3.4)
      rake
    mina-scp (0.1.2)
    mini_magick (4.6.0)
    mini_portile2 (2.1.0)
    minitest (5.10.1)
    multi_json (1.12.1)
    multipart-post (2.0.0)
    nenv (0.3.0)
    nokogiri (1.6.8.1)
      mini_portile2 (~> 2.1.0)
    notiffany (0.1.1)
      nenv (~> 0.1)
      shellany (~> 0.0)
    nuggets (1.0.0)
    octokit (4.6.2)
      sawyer (~> 0.8.0, >= 0.5.3)
    octopress-quote-tag (1.0.4)
      jekyll
      rubypants
    open4 (1.3.4)
    pathutil (0.14.0)
      forwardable-extended (~> 2.6)
    pry (0.10.4)
      coderay (~> 1.1.0)
      method_source (~> 0.8.1)
      slop (~> 3.4)
    public_suffix (2.0.4)
    puma (3.6.2)
    rack (1.6.5)
    rack-livereload (0.3.16)
      rack
    rake (10.5.0)
    rake-jekyll (1.1.0)
      rake (~> 10.0)
    rb-fsevent (0.9.8)
    rb-gsl (1.16.0.6)
      gsl
    rb-inotify (0.9.7)
      ffi (>= 0.5.0)
    rouge (1.11.1)
    ruby-nuggets (1.0.0)
      nuggets (= 1.0.0)
    rubypants (0.6.0)
    safe_yaml (1.0.4)
    sass (3.4.22)
    sawyer (0.8.1)
      addressable (>= 2.3.5, < 2.6)
      faraday (~> 0.8, < 1.0)
    shellany (0.0.1)
    slop (3.6.0)
    spoon (0.0.6)
      ffi
    sprockets (3.6.3)
      concurrent-ruby (~> 1.0)
      rack (> 1, < 3)
    sprockets-es6 (0.9.2)
      babel-source (>= 5.8.11)
      babel-transpiler
      sprockets (>= 3.0.0)
    susy (2.2.12)
      sass (>= 3.3.0, < 3.5)
    thor (0.19.4)
    thread_safe (0.3.5)
    tilt (2.0.5)
    tzinfo (1.2.2)
      thread_safe (~> 0.1)

PLATFORMS
  ruby

DEPENDENCIES
  autoprefixer-rails
  dotenv
  guard
  guard-bundler
  guard-jekyll-plus!
  guard-livereload
  guard-npm
  guard-rack
  haml
  jekyll
  jekyll-assets!
  jekyll-gist
  jekyll-sitemap!
  jekyll-tagging-related_posts
  jekyll-twitter-plugin
  jemoji
  kramdown
  mina
  mina-scp
  mini_magick
  octopress-quote-tag
  octopress-video-tag!
  puma
  rack
  rack-livereload
  rake
  rake-jekyll
  rb-gsl
  sass
  sprockets-es6
  susy

BUNDLED WITH
   1.13.6
