GIT
  remote: https://github.com/anarchivist/octopress-video-tag
  revision: 7452399be9e164914fdd1e2facaf91a769b6fc23
  branch: loosen-gemspec
  specs:
    octopress-video-tag (1.1.1)
      jekyll (>= 2.0)

GIT
  remote: https://github.com/imathis/guard-jekyll-plus
  revision: 26e1426fb0972613d80dd5f0acf38ffcc1046a2c
  specs:
    guard-jekyll-plus (2.0.2)
      guard (~> 2.10, >= 2.10.3)
      guard-compat (~> 1.1)
      jekyll (>= 1.0.0)

GIT
  remote: https://github.com/jekyll/jekyll-assets
  revision: 7e32498762c4aa977e0ab727792bf8c69a92bedc
  specs:
    jekyll-assets (2.3.2)
      concurrent-ruby (~> 1.0)
      extras (~> 0.2)
      fastimage (~> 2.0, >= 1.8)
      jekyll (~> 3.1, >= 3.0)
      pathutil (>= 0.8)
      rack (~> 1.6)
      sprockets (~> 3.3, < 3.8)

GIT
  remote: https://github.com/jekyll/jekyll-sitemap
  revision: 7deddaeb343637575937896b2e244f5a763f7fe9
  specs:
    jekyll-sitemap (1.1.1)
      jekyll (~> 3.3)

GIT
  remote: https://github.com/octopress/quote-tag
  revision: f64b01f29ebbf4c94c93cf4bc51612c5e3bfc009
  branch: master
  specs:
    octopress-quote-tag (1.0.4)
      jekyll
      rubypants

GEM
  remote: https://rubygems.org/
  specs:
    RedCloth (4.3.2)
    activesupport (4.2.9)
      i18n (~> 0.7)
      minitest (~> 5.1)
      thread_safe (~> 0.3, >= 0.3.4)
      tzinfo (~> 1.1)
    addressable (2.5.1)
      public_suffix (~> 2.0, >= 2.0.2)
    autoprefixer-rails (7.1.2.2)
      execjs
    coderay (1.1.1)
    colorator (1.1.0)
    concurrent-ruby (1.0.5)
    dotenv (2.2.1)
    em-websocket (0.5.1)
      eventmachine (>= 0.12.9)
      http_parser.rb (~> 0.6.0)
    eventmachine (1.2.3)
    execjs (2.7.0)
    extras (0.3.0)
      forwardable-extended (~> 2.5)
    faraday (0.12.1)
      multipart-post (>= 1.2, < 3)
    fastimage (2.1.0)
    ffi (1.9.18)
    formatador (0.2.5)
    forwardable-extended (2.6.0)
    gemoji (3.0.0)
    gsl (2.1.0.3)
    guard (2.14.1)
      formatador (>= 0.2.4)
      listen (>= 2.7, < 4.0)
      lumberjack (~> 1.0)
      nenv (~> 0.1)
      notiffany (~> 0.0)
      pry (>= 0.9.12)
      shellany (~> 0.0)
      thor (>= 0.18.1)
    guard-bundler (2.1.0)
      bundler (~> 1.0)
      guard (~> 2.2)
      guard-compat (~> 1.1)
    guard-compat (1.2.1)
    guard-livereload (2.5.2)
      em-websocket (~> 0.5)
      guard (~> 2.8)
      guard-compat (~> 1.0)
      multi_json (~> 1.8)
    guard-npm (1.1.0)
      guard (>= 2.0)
    guard-rack (2.2.0)
      ffi
      guard (~> 2.3)
      spoon
    haml (5.0.1)
      temple (>= 0.8.0)
      tilt
    html-pipeline (2.6.0)
      activesupport (>= 2)
      nokogiri (>= 1.4)
    http_parser.rb (0.6.0)
    i18n (0.8.6)
    jekyll (3.5.0)
      addressable (~> 2.4)
      colorator (~> 1.0)
      jekyll-sass-converter (~> 1.0)
      jekyll-watch (~> 1.1)
      kramdown (~> 1.3)
      liquid (~> 4.0)
      mercenary (~> 0.3.3)
      pathutil (~> 0.9)
      rouge (~> 1.7)
      safe_yaml (~> 1.0)
    jekyll-gist (1.4.1)
      octokit (~> 4.2)
    jekyll-sass-converter (1.5.0)
      sass (~> 3.4)
    jekyll-tagging (1.1.0)
      nuggets
    jekyll-tagging-related_posts (1.0.0)
      jekyll (~> 3.0)
      jekyll-tagging (~> 1.0)
    jekyll-textile-converter (0.1.0)
      RedCloth (~> 4.0)
    jekyll-timeago (0.9.2)
    jekyll-twitter-plugin (2.0.0)
    jekyll-watch (1.5.0)
      listen (~> 3.0, < 3.1)
    jemoji (0.8.0)
      activesupport (~> 4.0)
      gemoji (~> 3.0)
      html-pipeline (~> 2.2)
      jekyll (>= 3.0)
    kramdown (1.14.0)
    liquid (4.0.0)
    listen (3.0.8)
      rb-fsevent (~> 0.9, >= 0.9.4)
      rb-inotify (~> 0.9, >= 0.9.7)
    lumberjack (1.0.12)
    mercenary (0.3.6)
    method_source (0.8.2)
    mina (0.3.8)
      open4 (~> 1.3.4)
      rake
    mina-scp (0.1.2)
    mini_magick (4.8.0)
    mini_portile2 (2.2.0)
    minitest (5.10.2)
    multi_json (1.12.1)
    multipart-post (2.0.0)
    nenv (0.3.0)
    nokogiri (1.8.0)
      mini_portile2 (~> 2.2.0)
    notiffany (0.1.1)
      nenv (~> 0.1)
      shellany (~> 0.0)
    nuggets (1.5.0)
    octokit (4.7.0)
      sawyer (~> 0.8.0, >= 0.5.3)
    open4 (1.3.4)
    pathutil (0.14.0)
      forwardable-extended (~> 2.6)
    pry (0.10.4)
      coderay (~> 1.1.0)
      method_source (~> 0.8.1)
      slop (~> 3.4)
    public_suffix (2.0.5)
    puma (3.9.1)
    rack (1.6.8)
    rack-livereload (0.3.16)
      rack
    rake (10.5.0)
    rake-jekyll (1.1.0)
      rake (~> 10.0)
    rb-fsevent (0.10.2)
    rb-gsl (1.16.0.6)
      gsl
    rb-inotify (0.9.10)
      ffi (>= 0.5.0, < 2)
    rouge (1.11.1)
    rubypants (0.6.0)
    safe_yaml (1.0.4)
    sass (3.4.25)
    sawyer (0.8.1)
      addressable (>= 2.3.5, < 2.6)
      faraday (~> 0.8, < 1.0)
    shellany (0.0.1)
    slop (3.6.0)
    spoon (0.0.6)
      ffi
    sprockets (3.7.1)
      concurrent-ruby (~> 1.0)
      rack (> 1, < 3)
    susy (2.2.12)
      sass (>= 3.3.0, < 3.5)
    temple (0.8.0)
    thor (0.19.4)
    thread_safe (0.3.6)
    tilt (2.0.7)
    tzinfo (1.2.3)
      thread_safe (~> 0.1)

PLATFORMS
  ruby

DEPENDENCIES
  autoprefixer-rails
  dotenv
  guard
  guard-bundler
  guard-jekyll-plus!
  guard-livereload
  guard-npm
  guard-rack
  haml
  jekyll (= 3.5.0)
  jekyll-assets!
  jekyll-gist
  jekyll-sass-converter
  jekyll-sitemap!
  jekyll-tagging-related_posts
  jekyll-textile-converter
  jekyll-timeago
  jekyll-twitter-plugin
  jemoji
  kramdown
  mina (< 1.0.0)
  mina-scp
  mini_magick
  octopress-quote-tag!
  octopress-video-tag!
  puma
  rack
  rack-livereload
  rake
  rake-jekyll
  rb-gsl
  sass
  susy

BUNDLED WITH
   1.15.1
